GEM
  remote: http://rubygems.org/
  specs:
    rgeo (3.0.0)
    rgeo-geojson (2.1.1)
      rgeo (>= 1.0.0)

PLATFORMS
  ruby

DEPENDENCIES
  rgeo
  rgeo-geojson

BUNDLED WITH
   1.17.2
